PATH
  remote: ../
  specs:
    omniauth-justintv (0.0.1)
      omniauth-oauth (~> 1.0.0)

GEM
  remote: http://rubygems.org/
  specs:
    hashie (1.2.0)
    multi_json (1.0.3)
    oauth (0.4.5)
    omniauth (1.0.0)
      hashie (~> 1.2)
      rack
    omniauth-oauth (1.0.0)
      oauth
      omniauth (~> 1.0)
    rack (1.3.5)
    rack-protection (1.1.4)
      rack
    sinatra (1.3.1)
      rack (~> 1.3, >= 1.3.4)
      rack-protection (~> 1.1, >= 1.1.2)
      tilt (~> 1.3, >= 1.3.3)
    tilt (1.3.3)

PLATFORMS
  ruby

DEPENDENCIES
  multi_json
  omniauth-justintv!
  sinatra
